GEM
  remote: https://rubygems.org/
  specs:
    nio4r (2.5.1)
    puma (4.1.1)
      nio4r (~> 2.0)
    rack (2.0.7)

PLATFORMS
  ruby

DEPENDENCIES
  bundler (= 2.0.2)
  puma (~> 4.1)
  rack (~> 2.0)

BUNDLED WITH
   2.0.2
